GEM
  remote: https://rubygems.org/
  specs:
    ethon (0.16.0)
      ffi (>= 1.15.0)
    ffi (1.15.5)
    typhoeus (1.4.0)
      ethon (>= 0.9.0)

PLATFORMS
  x86_64-linux

DEPENDENCIES
  typhoeus (~> 1.4)

BUNDLED WITH
   2.3.26
